GEM
  remote: https://rubygems.org/
  specs:
    unicode_utils (1.4.0)

PLATFORMS
  ruby
  x64-mingw32

DEPENDENCIES
  unicode_utils

BUNDLED WITH
   2.0.1
